GEM
  remote: https://rubygems.org/
  specs:
    bitset (0.1.0)
    faker (1.3.0)
      i18n (~> 0.5)
    i18n (0.6.9)
    oj (2.7.3)
    tamper (0.2.2)
      bitset
      oj

PLATFORMS
  ruby

DEPENDENCIES
  faker
  tamper
